PATH
  remote: .
  specs:
    barista (0.7.0.pre)
      coffee-script (~> 2.1.1)

GEM
  remote: http://rubygems.org/
  specs:
    coffee-script (2.1.1)
      coffee-script-source
    coffee-script-source (0.9.5)
    diff-lcs (1.1.2)
    git (1.2.5)
    jeweler (1.5.1)
      bundler (~> 1.0.0)
      git (>= 1.2.5)
      rake
    rake (0.8.7)
    rr (1.0.2)
    rspec (2.1.0)
      rspec-core (~> 2.1.0)
      rspec-expectations (~> 2.1.0)
      rspec-mocks (~> 2.1.0)
    rspec-core (2.1.0)
    rspec-expectations (2.1.0)
      diff-lcs (~> 1.1.2)
    rspec-mocks (2.1.0)

PLATFORMS
  ruby

DEPENDENCIES
  barista!
  coffee-script (~> 2.1.1)
  jeweler (~> 1.0)
  rr (~> 1.0)
  rspec (~> 2.1)
